GEM
  remote: http://localhost:9292/private/
  specs:
    appsignal-custom (4.5.16)
      logger
      openssl (= 3.3.0)
      rack (>= 2.0.0)

GEM
  remote: https://rubygems.org/
  specs:
    logger (1.7.0)
    openssl (3.3.0)
    rack (3.1.16)

PLATFORMS
  ruby

DEPENDENCIES
  appsignal-custom!
  openssl (= 3.3.0)

BUNDLED WITH
   2.4.6
