GEM
  remote: https://rubygems.org/
  specs:
    appsignal (4.5.16)
      logger
      rack (>= 2.0.0)
    logger (1.7.0)
    openssl (3.3.0)
    rack (3.1.16)

PLATFORMS
  ruby

DEPENDENCIES
  appsignal (= 4.5.16)
  openssl (= 3.3.0)

BUNDLED WITH
   2.4.6
